GIT
  remote: https://github.com/anna328p/discordrb.git
  revision: 9f2ffd435b7c3de04a438d3dd51df6122416fc62
  branch: main
  specs:
    discordrb-webhooks (3.4.2)
      rest-client (>= 2.0.0)

GIT
  remote: https://github.com/shardlab/discordrb.git
  revision: e384e4a68e93981b3394844614e27972f22ba706
  branch: main
  specs:
    discordrb (3.4.2)
      discordrb-webhooks (~> 3.4.2)
      ffi (>= 1.9.24)
      opus-ruby
      rest-client (>= 2.0.0)
      websocket-client-simple (>= 0.3.0)

GEM
  remote: https://rubygems.org/
  specs:
    activemodel (7.0.2.4)
      activesupport (= 7.0.2.4)
    activerecord (7.0.2.4)
      activemodel (= 7.0.2.4)
      activesupport (= 7.0.2.4)
    activesupport (7.0.2.4)
      concurrent-ruby (~> 1.0, >= 1.0.2)
      i18n (>= 1.6, < 2)
      minitest (>= 5.1)
      tzinfo (~> 2.0)
    ast (2.4.2)
    bottom (0.1.0)
    concurrent-ruby (1.1.10)
    crass (1.0.6)
    domain_name (0.5.20190701)
      unf (>= 0.0.5, < 1.0.0)
    ethon (0.15.0)
      ffi (>= 1.15.0)
    event_emitter (0.2.6)
    faraday (0.17.5)
      multipart-post (>= 1.2, < 3)
    faraday-cookie_jar (0.0.7)
      faraday (>= 0.8.0)
      http-cookie (~> 1.0.0)
    faraday_middleware (0.14.0)
      faraday (>= 0.7.4, < 1.0)
    ffi (1.15.5)
    hashugar (1.0.1)
    http-accept (1.7.0)
    http-cookie (1.0.4)
      domain_name (~> 0.5)
    i18n (1.10.0)
      concurrent-ruby (~> 1.0)
    io-console (0.5.11)
    json (2.6.2)
    kramdown (2.4.0)
      rexml
    kramdown-parser-gfm (1.1.0)
      kramdown (~> 2.0)
    loofah (2.16.0)
      crass (~> 1.0.2)
      nokogiri (>= 1.5.9)
    matrix (0.4.2)
    mediawiki_api (0.7.1)
      faraday (~> 0.9, >= 0.9.0)
      faraday-cookie_jar (~> 0.0, >= 0.0.6)
      faraday_middleware (~> 0.10, >= 0.10.0)
    mime-types (3.4.1)
      mime-types-data (~> 3.2015)
    mime-types-data (3.2022.0105)
    mini_portile2 (2.8.0)
    minitest (5.15.0)
    multipart-post (2.1.1)
    narray (0.6.1.2)
    netrc (0.11.0)
    nokogiri (1.13.4)
      mini_portile2 (~> 2.8.0)
      racc (~> 1.4)
    open_uri_redirections (0.2.1)
    opus-ruby (1.0.1)
      ffi
    paint (2.2.1)
    parallel (1.22.1)
    parser (3.1.2.1)
      ast (~> 2.4.1)
    pluralkit-api (1.0.1)
      typhoeus (~> 1.0, >= 1.0.1)
    racc (1.6.0)
    rails-html-sanitizer (1.4.2)
      loofah (~> 2.3)
    rainbow (3.1.1)
    rbnacl (7.1.1)
      ffi
    regexp_parser (2.5.0)
    reline (0.3.1)
      io-console (~> 0.5)
    rest-client (2.1.0)
      http-accept (>= 1.7.0, < 2.0)
      http-cookie (>= 1.0.2, < 2.0)
      mime-types (>= 1.16, < 4.0)
      netrc (~> 0.8)
    rexml (3.2.5)
    rmagick (4.2.5)
    rss (0.2.9)
      rexml
    rubocop (1.35.0)
      json (~> 2.3)
      parallel (~> 1.10)
      parser (>= 3.1.2.1)
      rainbow (>= 2.2.2, < 4.0)
      regexp_parser (>= 1.8, < 3.0)
      rexml (>= 3.2.5, < 4.0)
      rubocop-ast (>= 1.20.1, < 2.0)
      ruby-progressbar (~> 1.7)
      unicode-display_width (>= 1.4.0, < 3.0)
    rubocop-ast (1.21.0)
      parser (>= 3.1.1.0)
    rubocop-checkstyle_formatter (0.5.0)
      rubocop (>= 1.14.0)
    ruby-graphviz (1.2.5)
      rexml
    ruby-progressbar (1.11.0)
    ruby_figlet (0.6.1)
    sqlite3 (1.4.2)
    tf-idf-similarity (0.2.0)
      unicode_utils (~> 1.4)
    typhoeus (1.4.0)
      ethon (>= 0.9.0)
    tzinfo (2.0.4)
      concurrent-ruby (~> 1.0)
    unf (0.1.4)
      unf_ext
    unf_ext (0.0.8.1)
    unicode-display_width (2.2.0)
    unicode_utils (1.4.0)
    websocket (1.2.9)
    websocket-client-simple (0.5.1)
      event_emitter
      websocket
    word_wrap (1.0.0)

PLATFORMS
  ruby

DEPENDENCIES
  activerecord
  bottom
  discordrb!
  discordrb-webhooks!
  hashugar
  i18n
  kramdown
  kramdown-parser-gfm
  matrix
  mediawiki_api
  narray
  nokogiri
  open_uri_redirections
  paint
  pluralkit-api (>= 1.0.1)
  rails-html-sanitizer
  rbnacl
  reline
  rmagick
  rss
  rubocop
  rubocop-checkstyle_formatter
  ruby-graphviz
  ruby_figlet
  sqlite3
  tf-idf-similarity
  word_wrap

RUBY VERSION
   ruby 3.1.1p18

BUNDLED WITH
   2.3.9
